GEM
  remote: http://rubygems.org/
  specs:
    activesupport (6.0.2.2)
      concurrent-ruby (~> 1.0, >= 1.0.2)
      i18n (>= 0.7, < 2)
      minitest (~> 5.1)
      tzinfo (~> 1.1)
      zeitwerk (~> 2.2)
    async (1.24.2)
      console (~> 1.0)
      nio4r (~> 2.3)
      timers (~> 4.1)
    async-io (1.27.5)
      async (~> 1.14)
    async-websocket (0.8.0)
      async-io
      websocket-driver (~> 0.7.0)
    concurrent-ruby (1.1.6)
    console (1.8.2)
    faraday (1.0.0)
      multipart-post (>= 1.2, < 3)
    faraday_middleware (1.0.0.rc1)
      faraday (~> 1.0)
    foreman (0.87.0)
    gli (2.19.0)
    hashie (4.1.0)
    i18n (1.8.2)
      concurrent-ruby (~> 1.0)
    minitest (5.14.0)
    multipart-post (2.1.1)
    mustermann (1.1.1)
      ruby2_keywords (~> 0.0.1)
    nio4r (2.5.2)
    puma (4.3.3)
      nio4r (~> 2.0)
    rack (2.2.2)
    rack-protection (2.0.8.1)
      rack
    ruby2_keywords (0.0.2)
    ruby_http_client (3.5.0)
    sendgrid-ruby (6.1.2)
      ruby_http_client (~> 3.4)
    sinatra (2.0.8.1)
      mustermann (~> 1.0)
      rack (~> 2.0)
      rack-protection (= 2.0.8.1)
      tilt (~> 2.0)
    slack-ruby-client (0.14.5)
      activesupport
      faraday (>= 0.9)
      faraday_middleware
      gli
      hashie
      websocket-driver
    thread_safe (0.3.6)
    tilt (2.0.10)
    timers (4.3.0)
    tzinfo (1.2.6)
      thread_safe (~> 0.1)
    websocket-driver (0.7.1)
      websocket-extensions (>= 0.1.0)
    websocket-extensions (0.1.4)
    zeitwerk (2.3.0)

PLATFORMS
  ruby

DEPENDENCIES
  async-websocket (~> 0.8.0)
  foreman (~> 0.87.0)
  puma (~> 4.3, >= 4.3.3)
  sendgrid-ruby (~> 6.1, >= 6.1.2)
  sinatra (~> 2.0, >= 2.0.8.1)
  slack-ruby-client (~> 0.14.5)

RUBY VERSION
   ruby 2.7.0p0

BUNDLED WITH
   2.1.2
